GEM
  remote: https://rubygems.org/
  specs:
    mysql2 (0.5.3)

PLATFORMS
  ruby
  x86_64-linux

DEPENDENCIES
  mysql2 (~> 0.5.3)

BUNDLED WITH
   2.5.1
